GIT
  remote: git://github.com/plexus/hexp.git
  revision: 628cbd289f416fcac0829120c6b74ea355423a51
  specs:
    hexp (0.0.1)
      equalizer (~> 0.0.5)
      ice_nine (~> 0.7.0)
      nokogiri (~> 1.6.0)
      sass (~> 3.2.9)

GEM
  specs:
    adamantium (0.0.7)
      backports (~> 3.0, >= 3.0.3)
      ice_nine (~> 0.7.0)
    backports (3.3.3)
    builder (3.2.2)
    diff-lcs (1.2.4)
    equalizer (0.0.5)
      adamantium (~> 0.0.6)
      backports (~> 3.0, >= 3.0.3)
    hpricot (0.8.6)
    ice_nine (0.7.0)
    mini_portile (0.5.0)
    nokogiri (1.6.0)
      mini_portile (~> 0.5.0)
    rspec (2.14.0)
      rspec-core (~> 2.14.0)
      rspec-expectations (~> 2.14.0)
      rspec-mocks (~> 2.14.0)
    rspec-core (2.14.2)
    rspec-expectations (2.14.0)
      diff-lcs (>= 1.1.3, < 2.0)
    rspec-mocks (2.14.1)
    sass (3.2.9)

PLATFORMS
  ruby

DEPENDENCIES
  builder
  hexp!
  hpricot
  nokogiri
  rspec
