GEM
  specs:
    builder (3.2.2)
    diff-lcs (1.2.4)
    hpricot (0.8.6)
    mini_portile (0.5.0)
    nokogiri (1.6.0)
      mini_portile (~> 0.5.0)
    rspec (2.14.0)
      rspec-core (~> 2.14.0)
      rspec-expectations (~> 2.14.0)
      rspec-mocks (~> 2.14.0)
    rspec-core (2.14.2)
    rspec-expectations (2.14.0)
      diff-lcs (>= 1.1.3, < 2.0)
    rspec-mocks (2.14.1)

PLATFORMS
  ruby

DEPENDENCIES
  builder
  hpricot
  nokogiri
  rspec
